GEM
  remote: https://rubygems.org/
  specs:
    chef (11.8.2)
      chef-zero (~> 1.6, >= 1.6.2)
      diff-lcs (~> 1.2, >= 1.2.4)
      erubis (~> 2.7)
      highline (~> 1.6, >= 1.6.9)
      json (>= 1.4.4, <= 1.7.7)
      mime-types (~> 1.16)
      mixlib-authentication (~> 1.3)
      mixlib-cli (~> 1.3)
      mixlib-config (~> 2.0)
      mixlib-log (~> 1.3)
      mixlib-shellout (~> 1.2)
      net-ssh (~> 2.6)
      net-ssh-multi (~> 1.1.0)
      ohai (~> 6.0)
      pry (~> 0.9)
      puma (~> 1.6)
      rest-client (>= 1.0.4, < 1.7.0)
      yajl-ruby (~> 1.1)
    chef-zero (1.7.3)
      hashie (~> 2.0)
      json
      mixlib-log (~> 1.3)
      moneta (< 0.7.0)
      rack
    coderay (1.1.0)
    diff-lcs (1.2.5)
    erubis (2.7.0)
    foodcritic (3.0.3)
      erubis
      gherkin (~> 2.11.7)
      nokogiri (~> 1.5.4)
      rake
      treetop (~> 1.4.10)
      yajl-ruby (~> 1.1.0)
    gherkin (2.11.8)
      multi_json (~> 1.3)
    hashie (2.0.5)
    highline (1.6.20)
    ipaddress (0.8.0)
    json (1.5.5)
    method_source (0.8.2)
    mime-types (1.23)
    mixlib-authentication (1.3.0)
      mixlib-log
    mixlib-cli (1.4.0)
    mixlib-config (2.1.0)
    mixlib-log (1.6.0)
    mixlib-shellout (1.3.0)
    moneta (0.6.0)
    multi_json (1.8.4)
    net-ssh (2.8.0)
    net-ssh-gateway (1.2.0)
      net-ssh (>= 2.6.5)
    net-ssh-multi (1.1)
      net-ssh (>= 2.1.4)
      net-ssh-gateway (>= 0.99.0)
    nokogiri (1.5.10)
    ohai (6.20.0)
      ipaddress
      mixlib-cli
      mixlib-config
      mixlib-log
      mixlib-shellout
      systemu (~> 2.5.2)
      yajl-ruby
    polyglot (0.3.3)
    pry (0.9.12.6)
      coderay (~> 1.0)
      method_source (~> 0.8)
      slop (~> 3.4)
    puma (1.6.3)
      rack (~> 1.2)
    rack (1.5.2)
    rake (10.1.1)
    rest-client (1.6.7)
      mime-types (>= 1.16)
    slop (3.4.7)
    systemu (2.5.2)
    treetop (1.4.15)
      polyglot
      polyglot (>= 0.3.1)
    yajl-ruby (1.1.0)

PLATFORMS
  ruby

DEPENDENCIES
  chef (~> 11.8.0)
  foodcritic (~> 3.0.0)
  rake (~> 10.1.0)
